GIT
  remote: git@github.com:OpenGov/og-api-ruby.git
  revision: 7e70d49fe45de74b2dbc9aa7a91b99aba0b86ab6
  ref: master
  specs:
    og_api (0.3.0)
      activesupport
      excon
      multi_json

GEM
  remote: https://rubygems.org/
  specs:
    activesupport (4.2.6)
      i18n (~> 0.7)
      json (~> 1.7, >= 1.7.7)
      minitest (~> 5.1)
      thread_safe (~> 0.3, >= 0.3.4)
      tzinfo (~> 1.1)
    array_stats (0.6.0)
    backports (3.6.8)
    excon (0.48.0)
    i18n (0.7.0)
    json (1.8.3)
    minitest (5.8.4)
    multi_json (1.11.2)
    rack (1.6.4)
    rack-protection (1.5.3)
      rack
    rack-test (0.6.3)
      rack (>= 1.0)
    redis (3.2.2)
    rgeo (0.5.3)
    rgeo-geojson (0.4.2)
      rgeo (~> 0.5)
    sinatra (1.4.7)
      rack (~> 1.5)
      rack-protection (~> 1.4)
      tilt (>= 1.3, < 3)
    sinatra-contrib (1.4.6)
      backports (>= 2.0)
      multi_json
      rack-protection
      rack-test
      sinatra (~> 1.4.0)
      tilt (>= 1.3, < 3)
    thread_safe (0.3.5)
    tilt (2.0.2)
    tzinfo (1.2.2)
      thread_safe (~> 0.1)

PLATFORMS
  ruby

DEPENDENCIES
  array_stats
  og_api!
  redis (~> 3.2, >= 3.2.2)
  rgeo-geojson
  sinatra
  sinatra-contrib

BUNDLED WITH
   1.10.6
