GIT
  remote: git@github.com:OpenGov/og-api-ruby.git
  revision: ae4e23746165e93dc91e9db1abc3bec4c9284e84
  ref: master
  specs:
    og_api (0.3.0)
      activesupport
      excon
      multi_json

GEM
  remote: https://rubygems.org/
  specs:
    activesupport (4.2.6)
      i18n (~> 0.7)
      json (~> 1.7, >= 1.7.7)
      minitest (~> 5.1)
      thread_safe (~> 0.3, >= 0.3.4)
      tzinfo (~> 1.1)
    array_stats (0.6.0)
    excon (0.48.0)
    i18n (0.7.0)
    json (1.8.3)
    minitest (5.8.4)
    multi_json (1.11.2)
    rack (1.6.4)
    rack-protection (1.5.3)
      rack
    sinatra (1.4.7)
      rack (~> 1.5)
      rack-protection (~> 1.4)
      tilt (>= 1.3, < 3)
    thread_safe (0.3.5)
    tilt (2.0.2)
    tzinfo (1.2.2)
      thread_safe (~> 0.1)

PLATFORMS
  ruby

DEPENDENCIES
  array_stats
  og_api!
  sinatra

BUNDLED WITH
   1.10.6
